PATH
  remote: .
  specs:
    blind_leader (0.0.1)

GEM
  remote: http://rubygems.org/
  specs:
    ansi (1.4.1)
    minitest (2.11.0)
    rake (0.9.2.2)
    turn (0.8.3)
      ansi

PLATFORMS
  ruby

DEPENDENCIES
  blind_leader!
  minitest
  rake
  turn
